GEM
  remote: https://rubygems.org/
  specs:
    connection_pool (2.4.0)
    cuba (4.0.1)
      rack (>= 3.0.0)
      rack-session (>= 2.0.0)
    dotenv (2.8.1)
    faraday (2.7.4)
      faraday-net_http (>= 2.0, < 3.1)
      ruby2_keywords (>= 0.0.4)
    faraday-net_http (3.0.2)
    rack (3.0.7)
    rack-session (2.0.0)
      rack (>= 3.0.0)
    rackup (2.1.0)
      rack (>= 3)
      webrick (~> 1.8)
    rake (13.0.6)
    redis (5.0.6)
      redis-client (>= 0.9.0)
    redis-client (0.14.1)
      connection_pool
    ruby2_keywords (0.0.5)
    webrick (1.8.1)

PLATFORMS
  arm64-darwin-22

DEPENDENCIES
  cuba
  dotenv
  faraday
  rack
  rackup
  rake
  redis

BUNDLED WITH
   2.3.24
